PATH
  remote: .
  specs:
    cityhash (0.6.0)
      ffi

GEM
  remote: http://rubygems.org/
  specs:
    ffi (1.0.11)
    minitest (2.11.0)
    rake (0.8.7)

PLATFORMS
  ruby

DEPENDENCIES
  cityhash!
  minitest (~> 2.11.0)
  rake
